GEM
  remote: https://rubygems.org/
  specs:
    activemodel (3.2.14)
      activesupport (= 3.2.14)
      builder (~> 3.0.0)
    activesupport (3.2.14)
      i18n (~> 0.6, >= 0.6.4)
      multi_json (~> 1.0)
    addressable (2.3.5)
    builder (3.0.4)
    crack (0.4.1)
      safe_yaml (~> 0.9.0)
    faraday (0.7.6)
      addressable (~> 2.2)
      multipart-post (~> 1.1)
      rack (~> 1.1)
    i18n (0.6.4)
    multi_json (1.7.7)
    multipart-post (1.2.0)
    podio (0.8.0)
      activemodel (~> 3.0)
      activesupport (~> 3.0)
      faraday (~> 0.7.0)
      multi_json
    rack (1.5.2)
    rack-protection (1.5.0)
      rack
    rack-test (0.6.2)
      rack (>= 1.0)
    rake (10.4.2)
    safe_yaml (0.9.4)
    sinatra (1.4.3)
      rack (~> 1.4)
      rack-protection (~> 1.4)
      tilt (~> 1.3, >= 1.3.4)
    tilt (1.4.1)
    webmock (1.13.0)
      addressable (>= 2.2.7)
      crack (>= 0.3.2)
    yajl-ruby (1.1.0)

PLATFORMS
  ruby

DEPENDENCIES
  podio
  rack-test
  rake
  sinatra
  webmock
  yajl-ruby
